GEM
  remote: https://www.rubygems.org/
  specs:
    actionview (5.1.4)
      activesupport (= 5.1.4)
      builder (~> 3.1)
      erubi (~> 1.4)
      rails-dom-testing (~> 2.0)
      rails-html-sanitizer (~> 1.0, >= 1.0.3)
    activesupport (5.1.4)
      concurrent-ruby (~> 1.0, >= 1.0.2)
      i18n (~> 0.7)
      minitest (~> 5.1)
      tzinfo (~> 1.1)
    awesome_print (1.8.0)
    backports (3.10.3)
    bond (0.5.1)
    builder (3.2.3)
    clbustos-rtf (0.4.2)
    concurrent-ruby (1.0.5)
    crass (1.0.2)
    daru (0.1.6)
      backports
    daru-data_tables (0.1.0)
    daru-view (0.1.0)
      actionview
      daru
      daru-data_tables
      google_visualr
      lazy_high_charts
      nyaplot
    data_uri (0.1.0)
    dirty-memoize (0.0.4)
    distribution (0.7.3)
    erubi (1.7.0)
    extendmatrix (0.4)
    ffi (1.9.18)
    ffi-rzmq (2.0.5)
      ffi-rzmq-core (>= 1.0.6)
    ffi-rzmq-core (1.0.6)
      ffi
    gnuplotrb (0.3.4)
      hamster (~> 3.0)
    google_visualr (2.5.1)
    gruff (0.7.0)
      rmagick (~> 2.13, >= 2.13.4)
    hamster (3.0.0)
      concurrent-ruby (~> 1.0)
    hash-deep-merge (0.1.1)
    i18n (0.9.1)
      concurrent-ruby (~> 1.0)
    iruby (0.3)
      bond (~> 0.5)
      data_uri (~> 0.1)
      mimemagic (~> 0.3)
      multi_json (~> 1.11)
    lazy_high_charts (1.5.8)
      hash-deep-merge
    loofah (2.1.1)
      crass (~> 1.0.2)
      nokogiri (>= 1.5.9)
    mimemagic (0.3.2)
    mini_portile2 (2.3.0)
    minimization (0.2.3)
      text-table (~> 1.2)
    minitest (5.10.3)
    multi_json (1.12.2)
    nokogiri (1.8.1)
      mini_portile2 (~> 2.3.0)
    nyaplot (0.1.6)
    prawn (0.8.4)
      prawn-core (>= 0.8.4, < 0.9)
      prawn-layout (>= 0.8.4, < 0.9)
      prawn-security (>= 0.8.4, < 0.9)
    prawn-core (0.8.4)
    prawn-layout (0.8.4)
    prawn-security (0.8.4)
    prawn-svg (0.9.1.11)
      prawn (>= 0.8.4)
    rails-dom-testing (2.0.3)
      activesupport (>= 4.2.0)
      nokogiri (>= 1.6)
    rails-html-sanitizer (1.0.3)
      loofah (~> 2.0)
    reportbuilder (1.4.2)
      clbustos-rtf (~> 0.4.0)
      prawn (~> 0.8.4)
      prawn-svg (~> 0.9.1)
      text-table (~> 1.2)
    rmagick (2.16.0)
    rserve-client (0.3.5)
    ruby-ole (1.2.12.1)
    rubyvis (0.6.1)
    spreadsheet (1.1.4)
      ruby-ole (>= 1.0)
    statsample (2.1.0)
      awesome_print (~> 1.6)
      daru (~> 0.1.6)
      dirty-memoize (~> 0.0.4)
      distribution (~> 0.7)
      extendmatrix (~> 0.4)
      minimization (~> 0.2)
      reportbuilder (~> 1.4)
      rserve-client (~> 0.3)
      rubyvis (~> 0.6.1)
      spreadsheet (~> 1.1)
    statsample-glm (0.2.1)
      daru (~> 0.1)
      statsample (~> 2.0)
    text-table (1.2.4)
    thread_safe (0.3.6)
    tzinfo (1.2.4)
      thread_safe (~> 0.1)

PLATFORMS
  ruby

DEPENDENCIES
  daru
  daru-view
  ffi-rzmq
  gnuplotrb
  gruff
  iruby
  nyaplot
  statsample
  statsample-glm

BUNDLED WITH
   1.15.4
